GEM
  remote: http://rubygems.org/
  specs:
    awsborn (0.5.4)
      icehouse-right_aws (>= 1.11.0)
      json_pure (>= 1.2.3)
      rake
    icehouse-right_aws (1.11.0)
      right_http_connection (>= 1.2.1)
    json_pure (1.5.1)
    rake (0.8.7)
    right_http_connection (1.2.4)

PLATFORMS
  ruby

DEPENDENCIES
  awsborn
